GEM
  remote: https://rubygems.org/
  specs:
    backports (3.15.0)
    haml (5.1.2)
      temple (>= 0.8.0)
      tilt
    multi_json (1.13.1)
    mustermann (1.0.3)
    rack (2.0.7)
    rack-protection (2.0.7)
      rack
    sinatra (2.0.7)
      mustermann (~> 1.0)
      rack (~> 2.0)
      rack-protection (= 2.0.7)
      tilt (~> 2.0)
    sinatra-contrib (2.0.7)
      backports (>= 2.8.2)
      multi_json
      mustermann (~> 1.0)
      rack-protection (= 2.0.7)
      sinatra (= 2.0.7)
      tilt (~> 2.0)
    temple (0.8.2)
    tilt (2.0.10)

PLATFORMS
  ruby

DEPENDENCIES
  haml
  rack
  sinatra
  sinatra-contrib

RUBY VERSION
   ruby 2.6.1p33

BUNDLED WITH
   1.17.3
